GIT
  remote: https://github.com/nervosnetwork/ckb-sdk-ruby.git
  revision: 03915b6248ea4f33a7f475a5df194e1badeae2e7
  branch: develop
  specs:
    ckb-sdk-ruby (0.12.0)
      bitcoin-secp256k1 (~> 0.5.0)
      rbnacl (~> 6.0, >= 6.0.1)

GEM
  specs:
    bitcoin-secp256k1 (0.5.1)
      ffi (>= 1.9.25)
    ffi (1.10.0)
    rbnacl (6.0.1)
      ffi

PLATFORMS
  ruby

DEPENDENCIES
  ckb-sdk-ruby (~> 0.12.0)!

BUNDLED WITH
   2.0.1
