GIT
  remote: https://github.com/nervosnetwork/ckb-sdk-ruby.git
  revision: 5a61f72dc3d2fc6c63cb4962e355d2409e9f80ae
  branch: develop
  specs:
    ckb-sdk-ruby (0.14.0)
      bitcoin-secp256k1 (~> 0.5.0)
      net-http-persistent (~> 3.0.0)
      rbnacl (~> 6.0, >= 6.0.1)

GEM
  remote: https://rubygems.org/
  specs:
    bitcoin-secp256k1 (0.5.1)
      ffi (>= 1.9.25)
    connection_pool (2.2.2)
    ffi (1.11.1)
    net-http-persistent (3.0.1)
      connection_pool (~> 2.2)
    rbnacl (6.0.1)
      ffi

PLATFORMS
  ruby

DEPENDENCIES
  ckb-sdk-ruby (~> 0.14.0)!

BUNDLED WITH
   2.0.1
