GIT
  remote: https://github.com/nervosnetwork/ckb-sdk-ruby.git
  revision: cbea8b2d25fe5fa05058b956db3c881947a0fc24
  branch: develop
  specs:
    ckb-sdk-ruby (0.16.0)
      bitcoin-secp256k1 (~> 0.5.2)
      net-http-persistent (~> 3.0.0)
      rbnacl (~> 6.0, >= 6.0.1)

GEM
  remote: https://rubygems.org/
  specs:
    bitcoin-secp256k1 (0.5.2)
      ffi (>= 1.9.25)
    connection_pool (2.2.2)
    ffi (1.11.1)
    net-http-persistent (3.0.1)
      connection_pool (~> 2.2)
    rbnacl (6.0.1)
      ffi

PLATFORMS
  ruby

DEPENDENCIES
  ckb-sdk-ruby (~> 0.16.0)!

BUNDLED WITH
   2.0.1
